GEM
  remote: http://rubygems.org/
  specs:
    byebug (3.2.0)
      columnize (~> 0.8)
      debugger-linecache (~> 1.2)
    columnize (0.8.9)
    debugger-linecache (1.2.0)

PLATFORMS
  ruby
  x86-mingw32

DEPENDENCIES
  byebug
